PATH
  remote: .
  specs:
    brain_freeze (1.0.0)
      parlour (~> 2.0)

GEM
  remote: https://rubygems.org/
  specs:
    ast (2.4.0)
    commander (4.5.0)
      highline (~> 2.0.0)
    highline (2.0.3)
    parlour (2.0.0)
      commander (~> 4.5)
      parser
      rainbow (~> 3.0)
      sorbet-runtime (>= 0.5)
    parser (2.7.0.1)
      ast (~> 2.4.0)
    rainbow (3.0.0)
    rake (12.3.3)
    sorbet-runtime (0.5.5376)

PLATFORMS
  ruby

DEPENDENCIES
  brain_freeze!
  rake (~> 12.0)

BUNDLED WITH
   2.0.2
