PATH
  remote: .
  specs:
    brain_freeze (1.1.1)
      parlour (~> 2.0)

GEM
  remote: https://rubygems.org/
  specs:
    ast (2.4.0)
    commander (4.5.2)
      highline (~> 2.0.0)
    diff-lcs (1.3)
    highline (2.0.3)
    parlour (2.1.0)
      commander (~> 4.5)
      parser
      rainbow (~> 3.0)
      sorbet-runtime (>= 0.5)
    parser (2.7.0.5)
      ast (~> 2.4.0)
    rainbow (3.0.0)
    rake (12.3.3)
    rspec (3.9.0)
      rspec-core (~> 3.9.0)
      rspec-expectations (~> 3.9.0)
      rspec-mocks (~> 3.9.0)
    rspec-core (3.9.1)
      rspec-support (~> 3.9.1)
    rspec-expectations (3.9.1)
      diff-lcs (>= 1.2.0, < 2.0)
      rspec-support (~> 3.9.0)
    rspec-mocks (3.9.1)
      diff-lcs (>= 1.2.0, < 2.0)
      rspec-support (~> 3.9.0)
    rspec-support (3.9.2)
    sorbet (0.5.5460)
      sorbet-static (= 0.5.5460)
    sorbet-runtime (0.5.5460)
    sorbet-static (0.5.5460-x86_64-linux)

PLATFORMS
  ruby

DEPENDENCIES
  brain_freeze!
  rake (~> 12.0)
  rspec
  sorbet

BUNDLED WITH
   2.0.2
